GEM
  remote: http://rubygems.org/
  specs:
    activesupport (4.2.1)
      i18n (~> 0.7)
      json (~> 1.7, >= 1.7.7)
      minitest (~> 5.1)
      thread_safe (~> 0.3, >= 0.3.4)
      tzinfo (~> 1.1)
    addressable (2.3.8)
    atomic (1.1.99)
    autoprefixer-rails (5.1.11)
      execjs
      json
    backports (3.6.4)
    bootstrap-sass (3.3.4.1)
      autoprefixer-rails (>= 5.0.0.1)
      sass (>= 3.2.19)
    celluloid (0.16.0)
      timers (~> 4.0.0)
    chunky_png (1.3.4)
    coffee-script (2.4.1)
      coffee-script-source
      execjs
    coffee-script-source (1.9.1.1)
    compass (1.0.3)
      chunky_png (~> 1.2)
      compass-core (~> 1.0.2)
      compass-import-once (~> 1.0.5)
      rb-fsevent (>= 0.9.3)
      rb-inotify (>= 0.9)
      sass (>= 3.3.13, < 3.5)
    compass-core (1.0.3)
      multi_json (~> 1.0)
      sass (>= 3.3.0, < 3.5)
    compass-import-once (1.0.5)
      sass (>= 3.2, < 3.5)
    contracts (0.9)
    erubis (2.7.0)
    execjs (2.5.2)
    fastimage (1.6.8)
      addressable (~> 2.3, >= 2.3.5)
    ffi (1.9.8)
    haml (4.0.6)
      tilt
    hamster (1.0.0)
      atomic (~> 1.1)
    hike (1.2.3)
    hitimes (1.2.2)
    i18n (0.7.0)
    json (1.8.2)
    kramdown (1.7.0)
    listen (2.10.0)
      celluloid (~> 0.16.0)
      rb-fsevent (>= 0.9.3)
      rb-inotify (>= 0.9)
    middleman (4.0.0.beta.2)
      coffee-script (~> 2.2)
      compass-import-once (= 1.0.5)
      haml (>= 4.0.5)
      kramdown (~> 1.2)
      middleman-cli (= 4.0.0.beta.2)
      middleman-compass (>= 4.0.0.beta.1.1)
      middleman-core (= 4.0.0.beta.2)
      middleman-sprockets (>= 4.0.0.beta.1)
      sass (>= 3.4.0, < 4.0)
    middleman-cli (4.0.0.beta.2)
      thor (>= 0.17.0, < 2.0)
    middleman-compass (4.0.0.beta.1.1)
      compass (>= 1.0.0, < 2.0.0)
      middleman-core (>= 4.0.0.beta.1)
    middleman-core (4.0.0.beta.2)
      activesupport (~> 4.2.0)
      addressable (~> 2.3.5)
      backports (~> 3.6)
      bundler (~> 1.1)
      compass-import-once (~> 1.0.4)
      contracts (~> 0.9.0)
      erubis
      execjs (~> 2.0)
      fastimage (~> 1.6.2)
      hamster (~> 1.0)
      i18n (~> 0.7.0)
      listen (>= 2.7.9, < 3.0)
      padrino-helpers (~> 0.12.3)
      rack (>= 1.4.5, < 2.0)
      sass (>= 3.3.4)
      tilt (~> 1.4.1)
      uglifier (~> 2.6)
    middleman-sprockets (4.0.0.beta.1)
      middleman-core (>= 3.3)
      sprockets (>= 2.12.1)
      sprockets-helpers (~> 1.1.0)
      sprockets-sass (~> 1.3.0)
    minitest (5.6.1)
    multi_json (1.11.0)
    padrino-helpers (0.12.5)
      i18n (~> 0.6, >= 0.6.7)
      padrino-support (= 0.12.5)
      tilt (~> 1.4.1)
    padrino-support (0.12.5)
      activesupport (>= 3.1)
    rack (1.6.1)
    rb-fsevent (0.9.4)
    rb-inotify (0.9.5)
      ffi (>= 0.5.0)
    sass (3.4.13)
    sprockets (2.12.3)
      hike (~> 1.2)
      multi_json (~> 1.0)
      rack (~> 1.0)
      tilt (~> 1.1, != 1.3.0)
    sprockets-helpers (1.1.0)
      sprockets (~> 2.0)
    sprockets-sass (1.3.1)
      sprockets (~> 2.0)
      tilt (~> 1.1)
    thor (0.19.1)
    thread_safe (0.3.5)
    tilt (1.4.1)
    timers (4.0.1)
      hitimes
    tzinfo (1.2.2)
      thread_safe (~> 0.1)
    uglifier (2.7.1)
      execjs (>= 0.3.0)
      json (>= 1.8.0)

PLATFORMS
  ruby

DEPENDENCIES
  bootstrap-sass
  middleman (~> 4.0.0.beta.2)
